PATH
  remote: .
  specs:
    nodespec (0.0.9)
      net-ssh
      rspec
      serverspec
      specinfra

GEM
  remote: https://rubygems.org/
  specs:
    diff-lcs (1.2.5)
    highline (1.6.21)
    net-ssh (2.9.1)
    rake (10.3.2)
    rspec (2.99.0)
      rspec-core (~> 2.99.0)
      rspec-expectations (~> 2.99.0)
      rspec-mocks (~> 2.99.0)
    rspec-core (2.99.0)
    rspec-expectations (2.99.0)
      diff-lcs (>= 1.1.3, < 2.0)
    rspec-its (1.0.1)
      rspec-core (>= 2.99.0.beta1)
      rspec-expectations (>= 2.99.0.beta1)
    rspec-mocks (2.99.0)
    serverspec (1.9.0)
      highline
      net-ssh
      rspec (~> 2.13)
      rspec-its
      specinfra (~> 1.18)
    specinfra (1.18.0)

PLATFORMS
  ruby

DEPENDENCIES
  bundler
  nodespec!
  rake
