PATH
  remote: .
  specs:
    nodespec (0.0.9)
      net-ssh
      rspec
      serverspec
      specinfra

GEM
  remote: https://rubygems.org/
  specs:
    aws-sdk (1.44.0)
      json (~> 1.4)
      nokogiri (>= 1.4.4)
    diff-lcs (1.2.5)
    highline (1.6.21)
    json (1.8.1)
    mini_portile (0.6.0)
    net-ssh (2.9.1)
    nokogiri (1.6.2.1)
      mini_portile (= 0.6.0)
    rake (10.3.2)
    rspec (3.0.0)
      rspec-core (~> 3.0.0)
      rspec-expectations (~> 3.0.0)
      rspec-mocks (~> 3.0.0)
    rspec-core (3.0.2)
      rspec-support (~> 3.0.0)
    rspec-expectations (3.0.2)
      diff-lcs (>= 1.2.0, < 2.0)
      rspec-support (~> 3.0.0)
    rspec-mocks (3.0.2)
      rspec-support (~> 3.0.0)
    rspec-support (3.0.2)
    serverspec (0.15.4)
      highline
      net-ssh
      rspec (>= 2.13.0)
      specinfra (>= 0.7.1)
    specinfra (1.18.2)

PLATFORMS
  ruby

DEPENDENCIES
  aws-sdk
  bundler
  nodespec!
  rake
